GEM
  remote: https://rubygems.org/
  specs:
    flog (4.6.2)
      path_expander (~> 1.0)
      ruby_parser (~> 3.1, > 3.1.0)
      sexp_processor (~> 4.8)
    path_expander (1.0.3)
    ruby_parser (3.11.0)
      sexp_processor (~> 4.9)
    sexp_processor (4.11.0)
    test-unit (2.5.5)

PLATFORMS
  ruby

DEPENDENCIES
  flog (~> 4.6, >= 4.6.2)
  test-unit

BUNDLED WITH
   1.13.7
